GEM
  remote: https://rubygems.org/
  specs:
    archive-tar-minitar (0.5.2)
    docker-api (1.9.1)
      archive-tar-minitar
      excon (>= 0.28)
      json
    eventmachine (1.0.3)
    excon (0.32.0)
    faye-websocket (0.7.2)
      eventmachine (>= 0.12.0)
      websocket-driver (>= 0.3.1)
    json (1.8.1)
    websocket-driver (0.3.2)

PLATFORMS
  ruby

DEPENDENCIES
  docker-api
  faye-websocket
