GEM
  remote: https://rubygems.org/
  specs:
    archive-tar-minitar (0.5.2)
    combi (0.0.3)
      yajl-ruby (~> 1.2.0)
    diff-lcs (1.2.5)
    docker-api (1.10.10)
      archive-tar-minitar
      excon (>= 0.28)
      json
    eventmachine (1.0.3)
    excon (0.33.0)
    faye-websocket (0.7.2)
      eventmachine (>= 0.12.0)
      websocket-driver (>= 0.3.1)
    given_core (3.5.4)
      sorcerer (>= 0.3.7)
    json (1.8.1)
    rspec (2.14.1)
      rspec-core (~> 2.14.0)
      rspec-expectations (~> 2.14.0)
      rspec-mocks (~> 2.14.0)
    rspec-core (2.14.8)
    rspec-expectations (2.14.5)
      diff-lcs (>= 1.1.3, < 2.0)
    rspec-given (3.5.4)
      given_core (= 3.5.4)
      rspec (>= 2.12)
    rspec-mocks (2.14.6)
    sorcerer (1.0.2)
    websocket-driver (0.3.2)
    yajl-ruby (1.2.0)

PLATFORMS
  ruby

DEPENDENCIES
  combi (~> 0.0.3)
  docker-api (~> 1.10.10)
  faye-websocket
  rspec-given
